GEM
  remote: https://rubygems.org/
  specs:
    addressable (2.8.0)
      public_suffix (>= 2.0.2, < 5.0)
    nokogiri (1.13.7-x64-mingw32)
      racc (~> 1.4)
    public_suffix (4.0.7)
    racc (1.5.2)

PLATFORMS
  x64-mingw32

DEPENDENCIES
  addressable
  nokogiri

BUNDLED WITH
   2.3.16
